{
  "Modality": "MR",
  "MagneticFieldStrength": 3,
  "ImagingFrequency": 127.824,
  "Manufacturer": "GE",
  "PulseSequenceName": "VR/epiRTmbmeNIH",
  "InternalPulseSequenceName": "EPI",
  "ManufacturersModelName": "DISCOVERY MR750",
  "InstitutionName": "NIH FMRIF",
  "DeviceSerialNumber": "000301496MR3T5MR",
  "StationName": "fmrif3ta",
  "BodyPartExamined": "BRAIN",
  "PatientPosition": "HFS",
  "ProcedureStepDescription": "MRI Procedure Limited",
  "SoftwareVersions": "27\\LX\\MR Software release:DV26.0_R03_1831.b",
  "MRAcquisitionType": "2D",
  "SeriesDescription": "FMRIF epi 1.8x1.8x2 opposite P/E for distortion correction",
  "ProtocolName": "[XT-ID:01-M-0192] MAP-3P",
  "ScanningSequence": "EP\\RM",
  "SequenceVariant": "NONE",
  "ScanOptions": "EDR_GEMS\\MP_GEMS\\EPI_GEMS\\HYPERBAND_GEMS\\ACC_GEMS",
  "ImageType": [
    "ORIGINAL",
    "PRIMARY",
    "OTHER"
  ],
  "SeriesNumber": 15,
  "AcquisitionTime": "11:56:25.000000",
  "AcquisitionNumber": 1,
  "TriggerDelayTime": 39920,
  "SliceThickness": 2.5,
  "SpacingBetweenSlices": 2.5,
  "SAR": 0.0771835,
  "EchoTime": 0.03,
  "RepetitionTime": 2,
  "FlipAngle": 77,
  "PhaseEncodingPolarityGE": "Unflipped",
  "CoilString": "Nova32ch",
  "MultibandAccelerationFactor": 3,
  "PercentPhaseFOV": 100,
  "PercentSampling": 100,
  "AcquisitionMatrixPE": 128,
  "ReconMatrixPE": 128,
  "ParallelReductionFactorInPlane": 2,
  "EffectiveEchoSpacing": 0.000369071,
  "TotalReadoutTime": 0.046872,
  "PixelBandwidth": 3906.25,
  "PhaseEncodingDirection": "j",
  "SliceTiming": [
    0,
    1.05882,
    0.117647,
    1.17647,
    0.235294,
    1.29412,
    0.352941,
    1.41176,
    0.470588,
    1.52941,
    0.588235,
    1.64706,
    0.705882,
    1.76471,
    0.823529,
    1.88235,
    0.941176,
    0,
    1.05882,
    0.117647,
    1.17647,
    0.235294,
    1.29412,
    0.352941,
    1.41176,
    0.470588,
    1.52941,
    0.588235,
    1.64706,
    0.705882,
    1.76471,
    0.823529,
    1.88235,
    0.941176,
    0,
    1.05882,
    0.117647,
    1.17647,
    0.235294,
    1.29412,
    0.352941,
    1.41176,
    0.470588,
    1.52941,
    0.588235,
    1.64706,
    0.705882,
    1.76471,
    0.823529,
    1.88235
  ],
  "ImageOrientationPatientDICOM": [
    1,
    0,
    0,
    0,
    0.9856,
    -0.1691
  ],
  "InPlanePhaseEncodingDirectionDICOM": "COL",
  "ConversionSoftware": "dcm2niix",
  "ConversionSoftwareVersion": "v1.0.20220505",
  "IntendedFor": [
    "bids::/sub-24718/ses-2/func/sub-24718_ses-2_task-rest_acq-MBSE_run-3_bold.nii.gz"
  ],
  "B0FieldIdentifier": "Field-7-ses-2"
}