{
  "Modality": "MR",
  "MagneticFieldStrength": 3,
  "ImagingFrequency": 127.824,
  "Manufacturer": "GE",
  "PulseSequenceName": "3dfse",
  "ManufacturersModelName": "DISCOVERY MR750",
  "InstitutionName": "NIH FMRIF",
  "DeviceSerialNumber": "000301496MR3T5MR",
  "StationName": "fmrif3ta",
  "BodyPartExamined": "BRAIN",
  "PatientPosition": "HFS",
  "ProcedureStepDescription": "MRI Procedure Limited",
  "SoftwareVersions": "27\\LX\\MR Software release:DV26.0_R03_1831.b",
  "MRAcquisitionType": "3D",
  "SeriesDescription": "ORIG Anat T2w CUBE 0.8 mm (ABCD)",
  "ProtocolName": "[XT-ID:01-M-0192] MAP-3P",
  "ScanningSequence": "RM",
  "SequenceVariant": "NONE",
  "ScanOptions": "SAT_GEMS\\EDR_GEMS\\PROMO_GEMS\\ACC_GEMS\\FS\\FR_GEMS",
  "ImageType": [
    "ORIGINAL",
    "PRIMARY",
    "OTHER"
  ],
  "SeriesNumber": 40017,
  "AcquisitionTime": "13:37:9.000000",
  "AcquisitionNumber": 1,
  "SliceThickness": 0.8,
  "SpacingBetweenSlices": 0.8,
  "SAR": 0.4546,
  "EchoTime": 0.064014,
  "RepetitionTime": 3.206,
  "FlipAngle": 90,
  "CoilString": "Nova32ch",
  "PercentPhaseFOV": 100,
  "PercentSampling": 100,
  "EchoTrainLength": 140,
  "AcquisitionMatrixPE": 320,
  "ReconMatrixPE": 512,
  "ParallelReductionFactorInPlane": 2,
  "ParallelReductionOutOfPlane": 1.5,
  "PixelBandwidth": 122.07,
  "PhaseEncodingAxis": "i",
  "ImageOrientationPatientDICOM": [
    -0,
    1,
    0,
    -0,
    -0,
    -1
  ],
  "InPlanePhaseEncodingDirectionDICOM": "ROW",
  "ConversionSoftware": "dcm2niix",
  "ConversionSoftwareVersion": "v1.0.20220505",
  "DeidentificationMethod": "AFNIrefacer"
}
