{
  "Modality": "MR",
  "MagneticFieldStrength": 3,
  "ImagingFrequency": 127.824,
  "Manufacturer": "GE",
  "PulseSequenceName": "mprage",
  "ManufacturersModelName": "DISCOVERY MR750",
  "InstitutionName": "NIH FMRIF",
  "DeviceSerialNumber": "000301496MR3T5MR",
  "StationName": "fmrif3ta",
  "BodyPartExamined": "BRAIN",
  "PatientPosition": "HFS",
  "ProcedureStepDescription": "MRI Procedure Limited",
  "SoftwareVersions": "27\\LX\\MR Software release:DV26.0_R03_1831.b",
  "MRAcquisitionType": "3D",
  "SeriesDescription": "ORIG Anat T1w MP-RAGE 0.8 mm (ABCD)",
  "ProtocolName": "[XT-ID:01-M-0192] MAP-3P",
  "ScanningSequence": "RM",
  "SequenceVariant": "NONE",
  "ScanOptions": "EDR_GEMS\\PROMO_GEMS\\ACC_GEMS\\IR_GEMS",
  "ImageType": [
    "ORIGINAL",
    "PRIMARY",
    "OTHER"
  ],
  "SeriesNumber": 40018,
  "AcquisitionTime": "13:47:21.000000",
  "AcquisitionNumber": 1,
  "SliceThickness": 0.8,
  "SpacingBetweenSlices": 0.8,
  "SAR": 0.0954185,
  "EchoTime": 0.003548,
  "RepetitionTime": 0.008096,
  "InversionTime": 1.06,
  "FlipAngle": 8,
  "CoilString": "Nova32ch",
  "PercentPhaseFOV": 100,
  "PercentSampling": 100,
  "AcquisitionMatrixPE": 320,
  "ReconMatrixPE": 320,
  "ParallelReductionFactorInPlane": 2,
  "ParallelReductionOutOfPlane": 2,
  "PixelBandwidth": 195.312,
  "ImageOrientationPatientDICOM": [
    -0,
    1,
    0,
    -0,
    -0,
    -1
  ],
  "InPlanePhaseEncodingDirectionDICOM": "ROW",
  "ConversionSoftware": "dcm2niix",
  "ConversionSoftwareVersion": "v1.0.20220505",
  "DeidentificationMethod": "AFNIrefacer"
}
