{
  "Modality": "MR",
  "MagneticFieldStrength": 3,
  "ImagingFrequency": 127.824,
  "Manufacturer": "GE",
  "PulseSequenceName": "VR/epiRTmbmeNIH",
  "InternalPulseSequenceName": "EPI",
  "ManufacturersModelName": "DISCOVERY MR750",
  "InstitutionName": "NIH FMRIF",
  "DeviceSerialNumber": "000301496MR3T5MR",
  "StationName": "fmrif3ta",
  "BodyPartExamined": "BRAIN",
  "PatientPosition": "HFS",
  "ProcedureStepDescription": "MRI Procedure Limited",
  "SoftwareVersions": "27\\LX\\MR Software release:DV26.0_R03_1831.b",
  "MRAcquisitionType": "2D",
  "SeriesDescription": "FMRIF epi 1.8x1.8x2.0 mm MB",
  "ProtocolName": "[XT-ID:01-M-0192] MAP-3P",
  "ScanningSequence": "EP\\RM",
  "SequenceVariant": "NONE",
  "ScanOptions": "EDR_GEMS\\MP_GEMS\\EPI_GEMS\\HYPERBAND_GEMS\\ACC_GEMS",
  "ImageType": [
    "ORIGINAL",
    "PRIMARY",
    "OTHER"
  ],
  "SeriesNumber": 6,
  "AcquisitionTime": "14:42:32.000000",
  "AcquisitionNumber": 1,
  "TriggerDelayTime": 1799920.0,
  "SliceThickness": 2,
  "SpacingBetweenSlices": 2,
  "SAR": 0.107709,
  "EchoTime": 0.03,
  "RepetitionTime": 2,
  "FlipAngle": 77,
  "PhaseEncodingPolarityGE": "Flipped",
  "CoilString": "Nova32ch",
  "MultibandAccelerationFactor": 3,
  "PercentPhaseFOV": 100,
  "PercentSampling": 100,
  "AcquisitionMatrixPE": 128,
  "ReconMatrixPE": 128,
  "ParallelReductionFactorInPlane": 2,
  "EffectiveEchoSpacing": 0.000361134,
  "TotalReadoutTime": 0.045864,
  "PixelBandwidth": 3906.25,
  "PhaseEncodingDirection": "j",
  "SliceTiming": [
    0,
    1.04,
    0.08,
    1.12,
    0.16,
    1.2,
    0.24,
    1.28,
    0.32,
    1.36,
    0.4,
    1.44,
    0.48,
    1.52,
    0.56,
    1.6,
    0.64,
    1.68,
    0.72,
    1.76,
    0.8,
    1.84,
    0.88,
    1.92,
    0.96,
    0,
    1.04,
    0.08,
    1.12,
    0.16,
    1.2,
    0.24,
    1.28,
    0.32,
    1.36,
    0.4,
    1.44,
    0.48,
    1.52,
    0.56,
    1.6,
    0.64,
    1.68,
    0.72,
    1.76,
    0.8,
    1.84,
    0.88,
    1.92,
    0.96,
    0,
    1.04,
    0.08,
    1.12,
    0.16,
    1.2,
    0.24,
    1.28,
    0.32,
    1.36,
    0.4,
    1.44,
    0.48,
    1.52,
    0.56,
    1.6,
    0.64,
    1.68,
    0.72,
    1.76,
    0.8,
    1.84,
    0.88,
    1.92,
    0.96
  ],
  "ImageOrientationPatientDICOM": [
    1,
    0,
    0,
    0,
    0.99844,
    -0.05578
  ],
  "InPlanePhaseEncodingDirectionDICOM": "COL",
  "ConversionSoftware": "dcm2niix",
  "ConversionSoftwareVersion": "v1.0.20220505",
  "TaskName": "rest",
  "B0FieldSource": "Field-1-ses-2"
}
