{
  "Modality": "MR",
  "MagneticFieldStrength": 3,
  "ImagingFrequency": 127.824,
  "Manufacturer": "GE",
  "PulseSequenceName": "VR/epiRTmbmeNIH",
  "InternalPulseSequenceName": "EPI",
  "ManufacturersModelName": "DISCOVERY MR750",
  "InstitutionName": "NIH FMRIF",
  "DeviceSerialNumber": "000301496MR3T5MR",
  "StationName": "fmrif3ta",
  "BodyPartExamined": "BRAIN",
  "PatientPosition": "HFS",
  "ProcedureStepDescription": "MRI Procedure Limited",
  "SoftwareVersions": "27\\LX\\MR Software release:DV26.0_R03_1831.b",
  "MRAcquisitionType": "2D",
  "SeriesDescription": "FMRIF epi 2.5-iso MBME",
  "ProtocolName": "[XT-ID:01-M-0192] MAP-3P",
  "ScanningSequence": "EP\\RM",
  "SequenceVariant": "NONE",
  "ScanOptions": "EDR_GEMS\\MP_GEMS\\EPI_GEMS\\HYPERBAND_GEMS\\ACC_GEMS",
  "ImageType": [
    "ORIGINAL",
    "PRIMARY",
    "OTHER"
  ],
  "SeriesNumber": 8,
  "AcquisitionTime": "11:03:12.000000",
  "AcquisitionNumber": 1,
  "TriggerDelayTime": 504932,
  "SliceThickness": 2.5,
  "SpacingBetweenSlices": 2.5,
  "SAR": 0.0708697,
  "EchoNumber": 2,
  "EchoTime": 0.032228,
  "RepetitionTime": 2.5,
  "FlipAngle": 77,
  "PhaseEncodingPolarityGE": "Flipped",
  "CoilString": "Nova32ch",
  "MultibandAccelerationFactor": 2,
  "PercentPhaseFOV": 100,
  "PercentSampling": 100,
  "AcquisitionMatrixPE": 90,
  "ReconMatrixPE": 90,
  "ParallelReductionFactorInPlane": 3,
  "EffectiveEchoSpacing": 0.000195506,
  "TotalReadoutTime": 0.0174,
  "PixelBandwidth": 5555.56,
  "PhaseEncodingDirection": "j",
  "SliceTiming": [
    0,
    1.3,
    0.1,
    1.4,
    0.2,
    1.5,
    0.3,
    1.6,
    0.4,
    1.7,
    0.5,
    1.8,
    0.6,
    1.9,
    0.7,
    2,
    0.8,
    2.1,
    0.9,
    2.2,
    1,
    2.3,
    1.1,
    2.4,
    1.2,
    0,
    1.3,
    0.1,
    1.4,
    0.2,
    1.5,
    0.3,
    1.6,
    0.4,
    1.7,
    0.5,
    1.8,
    0.6,
    1.9,
    0.7,
    2,
    0.8,
    2.1,
    0.9,
    2.2,
    1,
    2.3,
    1.1,
    2.4,
    1.2
  ],
  "ImageOrientationPatientDICOM": [
    1,
    0,
    0,
    0,
    0.98897,
    -0.1481
  ],
  "InPlanePhaseEncodingDirectionDICOM": "COL",
  "ConversionSoftware": "dcm2niix",
  "ConversionSoftwareVersion": "v1.0.20220505",
  "TaskName": "rest",
  "B0FieldSource": "Field-2-ses-3"
}