{
  "Modality": "MR",
  "MagneticFieldStrength": 3,
  "ImagingFrequency": 127.824,
  "Manufacturer": "GE",
  "PulseSequenceName": "VR/epiRTmbmeNIH",
  "InternalPulseSequenceName": "EPI",
  "ManufacturersModelName": "DISCOVERY MR750",
  "InstitutionName": "NIH FMRIF",
  "DeviceSerialNumber": "000301496MR3T5MR",
  "StationName": "fmrif3ta",
  "BodyPartExamined": "BRAIN",
  "PatientPosition": "HFS",
  "ProcedureStepDescription": "MRI Procedure Limited",
  "SoftwareVersions": "27\\LX\\MR Software release:DV26.0_R03_1831.b",
  "MRAcquisitionType": "2D",
  "SeriesDescription": "FMRIF epi 2.5-iso matching P/E single band",
  "ProtocolName": "[XT-ID:01-M-0192] MAP-3P",
  "ScanningSequence": "EP\\RM",
  "SequenceVariant": "NONE",
  "ScanOptions": "MP_GEMS\\EPI_GEMS\\ACC_GEMS",
  "ImageType": [
    "ORIGINAL",
    "PRIMARY",
    "OTHER"
  ],
  "SeriesNumber": 19,
  "AcquisitionTime": "18:22:11.000000",
  "AcquisitionNumber": 1,
  "TriggerDelayTime": 299850,
  "SliceThickness": 2.5,
  "SpacingBetweenSlices": 2.5,
  "SAR": 0.0330078,
  "EchoNumber": 1,
  "EchoTime": 0.011,
  "RepetitionTime": 7.5,
  "FlipAngle": 77,
  "PhaseEncodingPolarityGE": "Flipped",
  "CoilString": "Nova32ch",
  "PercentPhaseFOV": 100,
  "PercentSampling": 100,
  "AcquisitionMatrixPE": 90,
  "ReconMatrixPE": 90,
  "ParallelReductionFactorInPlane": 3,
  "EffectiveEchoSpacing": 0.000173348,
  "TotalReadoutTime": 0.015428,
  "PixelBandwidth": 5555.56,
  "PhaseEncodingDirection": "j",
  "SliceTiming": [
    0,
    3.75,
    0.15,
    3.9,
    0.3,
    4.05,
    0.45,
    4.2,
    0.6,
    4.35,
    0.75,
    4.5,
    0.9,
    4.65,
    1.05,
    4.8,
    1.2,
    4.95,
    1.35,
    5.1,
    1.5,
    5.25,
    1.65,
    5.4,
    1.8,
    5.55,
    1.95,
    5.7,
    2.1,
    5.85,
    2.25,
    6,
    2.4,
    6.15,
    2.55,
    6.3,
    2.7,
    6.45,
    2.85,
    6.6,
    3,
    6.75,
    3.15,
    6.9,
    3.3,
    7.05,
    3.45,
    7.2,
    3.6,
    7.35
  ],
  "ImageOrientationPatientDICOM": [
    1,
    0,
    0,
    0,
    0.99842,
    -0.05617
  ],
  "InPlanePhaseEncodingDirectionDICOM": "COL",
  "ConversionSoftware": "dcm2niix",
  "ConversionSoftwareVersion": "v1.0.20220505",
  "IntendedFor": [
    "bids::/sub-24740/ses-1/func/sub-24740_ses-1_task-rest_acq-MBME_run-4_echo-1_bold.nii.gz",
    "bids::/sub-24740/ses-1/func/sub-24740_ses-1_task-rest_acq-MBME_run-4_echo-2_bold.nii.gz",
    "bids::/sub-24740/ses-1/func/sub-24740_ses-1_task-rest_acq-MBME_run-4_echo-3_bold.nii.gz",
    "bids::/sub-24740/ses-1/func/sub-24740_ses-1_task-rest_acq-MBME_run-4_echo-4_bold.nii.gz",
    "bids::/sub-24740/ses-1/func/sub-24740_ses-1_task-rest_acq-MBME_run-5_echo-1_bold.nii.gz",
    "bids::/sub-24740/ses-1/func/sub-24740_ses-1_task-rest_acq-MBME_run-5_echo-2_bold.nii.gz",
    "bids::/sub-24740/ses-1/func/sub-24740_ses-1_task-rest_acq-MBME_run-5_echo-3_bold.nii.gz",
    "bids::/sub-24740/ses-1/func/sub-24740_ses-1_task-rest_acq-MBME_run-5_echo-4_bold.nii.gz",
    "bids::/sub-24740/ses-1/func/sub-24740_ses-1_task-rest_acq-MBME_run-6_echo-1_bold.nii.gz",
    "bids::/sub-24740/ses-1/func/sub-24740_ses-1_task-rest_acq-MBME_run-6_echo-2_bold.nii.gz",
    "bids::/sub-24740/ses-1/func/sub-24740_ses-1_task-rest_acq-MBME_run-6_echo-3_bold.nii.gz",
    "bids::/sub-24740/ses-1/func/sub-24740_ses-1_task-rest_acq-MBME_run-6_echo-4_bold.nii.gz"
  ],
  "B0FieldIdentifier": "Field-4-ses-1"
}